GEM
  remote: https://rubygems.org/
  specs:
    childprocess (3.0.0)
    colorize (0.8.1)
    rubyzip (2.3.2)
    selenium-webdriver (3.142.7)
      childprocess (>= 0.5, < 4.0)
      rubyzip (>= 1.2.2)

PLATFORMS
  x64-mingw32

DEPENDENCIES
  colorize
  selenium-webdriver

BUNDLED WITH
   2.1.4
